GEM
  remote: http://rubygems.org/
  specs:
    POpen4 (0.1.4)
      Platform (>= 0.4.0)
      open4
    Platform (0.4.0)
    adsf (1.0.1)
      rack (>= 1.0.0)
    builder (3.0.0)
    coderay (1.0.5)
    cri (2.1.0)
    daemons (1.1.6)
    eventmachine (0.12.10)
    fssm (0.2.8.1)
    mime-types (1.17.2)
    nanoc (3.2.4)
      nanoc3 (>= 3.2.4)
    nanoc3 (3.2.4)
      cri (~> 2.0)
    nokogiri (1.5.0)
    open4 (1.3.0)
    rack (1.4.1)
    rake (0.8.7)
    rdiscount (1.6.8)
    systemu (2.4.2)
    thin (1.3.1)
      daemons (>= 1.0.9)
      eventmachine (>= 0.12.6)
      rack (>= 1.0.0)
    yui-compressor (0.9.6)
      POpen4 (>= 0.1.4)

PLATFORMS
  ruby

DEPENDENCIES
  adsf
  builder
  coderay
  fssm
  mime-types
  nanoc
  nokogiri
  rack (>= 1.4.1)
  rake (= 0.8.7)
  rdiscount
  systemu
  thin
  yui-compressor
