GEM
  remote: http://rubygems.org/
  specs:
    POpen4 (0.1.4)
      Platform (>= 0.4.0)
      open4
    Platform (0.4.0)
    adsf (1.1.1)
      rack (>= 1.0.0)
    builder (3.0.0)
    coderay (1.0.6)
    cri (2.2.1)
    daemons (1.1.8)
    eventmachine (0.12.10)
    foreman (0.53.0)
      thor (>= 0.13.6)
    fssm (0.2.9)
    mime-types (1.18)
    nanoc (3.3.3)
      cri (~> 2.2)
    nokogiri (1.5.2)
    open4 (1.3.0)
    rack (1.4.1)
    rake (12.3.3)
    rdiscount (1.6.8)
    systemu (2.5.0)
    thin (1.3.1)
      daemons (>= 1.0.9)
      eventmachine (>= 0.12.6)
      rack (>= 1.0.0)
    thor (0.15.4)
    yui-compressor (0.9.6)
      POpen4 (>= 0.1.4)

PLATFORMS
  ruby

DEPENDENCIES
  adsf
  builder
  coderay
  cri
  foreman
  fssm
  mime-types
  nanoc
  nokogiri
  rack (>= 1.4.1)
  rake (= 12.3.3)
  rdiscount
  systemu
  thin
  yui-compressor
